PATH
  remote: .
  specs:
    rle (0.999)

GEM
  remote: https://rubygems.org/
  specs:

PLATFORMS
  ruby

DEPENDENCIES
  rle!

BUNDLED WITH
   2.1.4
